PATH
  remote: .
  specs:
    http-parser (0.0.1)
      ffi
      ffi-compiler
      rake

GEM
  remote: https://rubygems.org/
  specs:
    ffi (1.9.3)
    ffi-compiler (0.1.3)
      ffi (>= 1.0.0)
      rake
    rake (10.1.1)

PLATFORMS
  ruby

DEPENDENCIES
  http-parser!
